PATH
  remote: .
  specs:
    em-ftpd (0.0.1)
      eventmachine (~> 1.0.0.beta1)

GEM
  remote: https://rubygems.org/
  specs:
    activemodel (4.0.0)
      activesupport (= 4.0.0)
      builder (~> 3.1.0)
    activerecord (4.0.0)
      activemodel (= 4.0.0)
      activerecord-deprecated_finders (~> 1.0.2)
      activesupport (= 4.0.0)
      arel (~> 4.0.0)
    activerecord-deprecated_finders (1.0.3)
    activesupport (4.0.0)
      i18n (~> 0.6, >= 0.6.4)
      minitest (~> 4.2)
      multi_json (~> 1.3)
      thread_safe (~> 0.1)
      tzinfo (~> 0.3.37)
    arel (4.0.0)
    atomic (1.1.10)
    aws-sdk (1.12.0)
      json (~> 1.4)
      nokogiri (< 1.6.0)
      uuidtools (~> 2.1)
    builder (3.1.4)
    capybara (2.1.0)
      mime-types (>= 1.16)
      nokogiri (>= 1.3.3)
      rack (>= 1.0.0)
      rack-test (>= 0.5.4)
      xpath (~> 2.0)
    climate_control (0.0.3)
      activesupport (>= 3.0)
    cocaine (0.5.1)
      climate_control (>= 0.0.3, < 1.0)
    coderay (1.0.9)
    cucumber (1.3.3)
      builder (>= 2.1.2)
      diff-lcs (>= 1.1.3)
      gherkin (~> 2.12.0)
      multi_json (~> 1.7.5)
      multi_test (~> 0.0.1)
    diff-lcs (1.2.4)
    em-redis (0.3.0)
      eventmachine
    eventmachine (1.0.3)
    ffi (1.0.11)
    formatador (0.2.4)
    gherkin (2.12.0)
      multi_json (~> 1.3)
    guard (1.8.1)
      formatador (>= 0.2.4)
      listen (>= 1.0.0)
      lumberjack (>= 1.0.2)
      pry (>= 0.9.10)
      thor (>= 0.14.6)
    guard-bundler (1.0.0)
      bundler (~> 1.0)
      guard (~> 1.1)
    guard-process (1.0.5)
      ffi (~> 1.0.9)
      guard (>= 0.4.2)
      spoon (~> 0.0.1)
    guard-rspec (3.0.2)
      guard (>= 1.8)
      rspec (~> 2.13)
    i18n (0.6.4)
    json (1.8.0)
    listen (1.2.2)
      rb-fsevent (>= 0.9.3)
      rb-inotify (>= 0.9)
      rb-kqueue (>= 0.2)
    lumberjack (1.0.4)
    method_source (0.8.1)
    mime-types (1.23)
    minitest (4.7.5)
    multi_json (1.7.7)
    multi_test (0.0.1)
    nokogiri (1.5.10)
    paperclip (3.4.2)
      activemodel (>= 3.0.0)
      activerecord (>= 3.0.0)
      activesupport (>= 3.0.0)
      cocaine (~> 0.5.0)
      mime-types
    pry (0.9.12.2)
      coderay (~> 1.0.5)
      method_source (~> 0.8)
      slop (~> 3.4)
    rack (1.5.2)
    rack-protection (1.5.0)
      rack
    rack-test (0.6.2)
      rack (>= 1.0)
    rake (10.1.0)
    rb-fsevent (0.9.3)
    rb-inotify (0.9.0)
      ffi (>= 0.5.0)
    rb-kqueue (0.2.0)
      ffi (>= 0.5.0)
    rspec (2.14.0)
      rspec-core (~> 2.14.0)
      rspec-expectations (~> 2.14.0)
      rspec-mocks (~> 2.14.0)
    rspec-core (2.14.1)
    rspec-expectations (2.14.0)
      diff-lcs (>= 1.1.3, < 2.0)
    rspec-mocks (2.14.1)
    shotgun (0.9)
      rack (>= 1.0)
    sinatra (1.4.3)
      rack (~> 1.4)
      rack-protection (~> 1.4)
      tilt (~> 1.3, >= 1.3.4)
    slop (3.4.5)
    spoon (0.0.4)
      ffi
    thor (0.18.1)
    thread_safe (0.1.0)
      atomic
    tilt (1.4.1)
    tzinfo (0.3.37)
    uuidtools (2.1.4)
    xpath (2.0.0)
      nokogiri (~> 1.3)

PLATFORMS
  ruby

DEPENDENCIES
  aws-sdk
  capybara
  cucumber
  em-ftpd!
  em-redis
  guard
  guard-bundler
  guard-process
  guard-rspec
  paperclip
  rake
  rspec
  shotgun
  sinatra
